GEM
  remote: https://rubygems.org/
  specs:
    Platform (0.4.2)
    addressable (2.8.7)
      public_suffix (>= 2.0.2, < 7.0)
    base64 (0.2.0)
    byebug (11.1.3)
    connection_pool (2.4.1)
    cookiejar (0.3.4)
    diff-lcs (1.5.1)
    em-http-request (1.1.7)
      addressable (>= 2.3.4)
      cookiejar (!= 0.3.1)
      em-socksify (>= 0.3)
      eventmachine (>= 1.0.3)
      http_parser.rb (>= 0.6.0)
    em-socksify (0.3.3)
      base64
      eventmachine (>= 1.0.0.beta.4)
    eventmachine (1.2.7)
    hiredis-client (0.22.2)
      redis-client (= 0.22.2)
    http_parser.rb (0.8.0)
    nginx_test_helper (0.4.2)
      popen4
    open4 (1.3.4)
    ostruct (0.6.0)
    popen4 (0.1.2)
      Platform (>= 0.4.0)
      open4 (>= 0.4.0)
    public_suffix (6.0.1)
    rake (13.2.1)
    redis (5.3.0)
      redis-client (>= 0.22.0)
    redis-client (0.22.2)
      connection_pool
    rspec (3.13.0)
      rspec-core (~> 3.13.0)
      rspec-expectations (~> 3.13.0)
      rspec-mocks (~> 3.13.0)
    rspec-core (3.13.2)
      rspec-support (~> 3.13.0)
    rspec-expectations (3.13.3)
      diff-lcs (>= 1.2.0, < 2.0)
      rspec-support (~> 3.13.0)
    rspec-mocks (3.13.2)
      diff-lcs (>= 1.2.0, < 2.0)
      rspec-support (~> 3.13.0)
    rspec-support (3.13.1)
    rubyzip (2.3.2)

PLATFORMS
  ruby

DEPENDENCIES
  base64
  byebug
  em-http-request
  hiredis-client
  nginx_test_helper
  ostruct
  rake
  redis
  rspec
  rubyzip

RUBY VERSION
   ruby 3.3.5p100

BUNDLED WITH
   2.5.22
